FRAMEWORK: NET35
NUGET
  remote: https://www.nuget.org/api/v2
    FAKE (4.50)
    FSharp.Core (3.0.2)
